GEM
  remote: https://rubygems.org/
  specs:
    diff-lcs (1.1.3)
    rake (10.0.3)
    rspec (2.12.0)
      rspec-core (~> 2.12.0)
      rspec-expectations (~> 2.12.0)
      rspec-mocks (~> 2.12.0)
    rspec-core (2.12.2)
    rspec-expectations (2.12.1)
      diff-lcs (~> 1.1.3)
    rspec-mocks (2.12.2)
    rubygems-tasks (0.2.3)
    yard (0.8.2.1)

PLATFORMS
  ruby

DEPENDENCIES
  rake
  rspec (~> 2.4)
  rubygems-tasks (~> 0.2)
  yard (~> 0.8)
